GEM
  remote: http://rubygems.org/
  specs:
    newrelic_rpm (3.6.4.122)
    rack (1.4.1)
    rack-protection (1.2.0)
      rack
    sass (3.1.20)
    sinatra (1.3.2)
      rack (~> 1.3, >= 1.3.6)
      rack-protection (~> 1.2)
      tilt (~> 1.3, >= 1.3.3)
    tilt (1.3.3)

PLATFORMS
  ruby

DEPENDENCIES
  newrelic_rpm
  sass
  sinatra
