GEM
  remote: https://rubygems.org/
  specs:
    dalli (2.7.4)
    kgio (2.9.3)
    memcachier (0.0.2)
    rack (1.6.4)
    rack-protection (1.5.3)
      rack
    raindrops (0.13.0)
    sass (3.4.14)
    shotgun (0.9.1)
      rack (>= 1.0)
    sinatra (1.4.6)
      rack (~> 1.4)
      rack-protection (~> 1.4)
      tilt (>= 1.3, < 3)
    tilt (2.0.1)
    unicorn (4.9.0)
      kgio (~> 2.6)
      rack
      raindrops (~> 0.7)

PLATFORMS
  ruby

DEPENDENCIES
  dalli
  memcachier
  sass
  shotgun
  sinatra
  unicorn

BUNDLED WITH
   1.10.4
