GEM
  remote: http://rubygems.org/
  specs:
    dalli (2.6.4)
    kgio (2.8.0)
    memcachier (0.0.2)
    rack (1.4.1)
    rack-protection (1.2.0)
      rack
    raindrops (0.11.0)
    sass (3.1.20)
    sinatra (1.3.2)
      rack (~> 1.3, >= 1.3.6)
      rack-protection (~> 1.2)
      tilt (~> 1.3, >= 1.3.3)
    tilt (1.3.3)
    unicorn (4.6.3)
      kgio (~> 2.6)
      rack
      raindrops (~> 0.7)

PLATFORMS
  ruby

DEPENDENCIES
  dalli
  memcachier
  sass
  sinatra
  unicorn
